GIT
  remote: git@github.com:dmitrizagidulin/fml.git
  revision: 5118cb607247ef47a105057c9294d73de11c337e
  specs:
    faqml (0.3.1)
      redcarpet (~> 2.1.1)
      temple
      tilt

GIT
  remote: git@github.com:dmitrizagidulin/middleman-faqml.git
  revision: 11416701759ca640edcbffb0c3e1da14197795ce
  specs:
    middleman-faqml (0.3.0)
      faqml (>= 0.3.1)
      middleman-core (~> 3.0)

GEM
  remote: https://rubygems.org/
  specs:
    activesupport (3.2.13)
      i18n (= 0.6.1)
      multi_json (~> 1.0)
    blockenspiel (0.4.5)
    builder (3.1.4)
    chunky_png (1.3.4)
    coderay (1.1.0)
    coffee-script (2.2.0)
      coffee-script-source
      execjs
    coffee-script-source (1.3.3)
    compass (1.0.3)
      chunky_png (~> 1.2)
      compass-core (~> 1.0.2)
      compass-import-once (~> 1.0.5)
      rb-fsevent (>= 0.9.3)
      rb-inotify (>= 0.9)
      sass (>= 3.3.13, < 3.5)
    compass-core (1.0.3)
      multi_json (~> 1.0)
      sass (>= 3.3.0, < 3.5)
    compass-import-once (1.0.5)
      sass (>= 3.2, < 3.5)
    daemons (1.1.9)
    eventmachine (1.0.0)
    excon (0.16.10)
    execjs (1.4.1)
      multi_json (~> 1.0)
    ffi (1.9.8)
    fog (1.8.0)
      builder
      excon (~> 0.14)
      formatador (~> 0.2.0)
      mime-types
      multi_json (~> 1.0)
      net-scp (~> 1.0.4)
      net-ssh (>= 2.1.3)
      nokogiri (~> 1.5.0)
      ruby-hmac
    formatador (0.2.4)
    github-markdown (0.5.3)
    gmail (0.4.0)
      gmail_xoauth (>= 0.3.0)
      mail (>= 2.2.1)
      mime (>= 0.1)
    gmail_xoauth (0.4.1)
      oauth (>= 0.3.6)
    haml (4.0.6)
      tilt
    hike (1.2.3)
    http_router (0.10.2)
      rack (>= 1.0.0)
      url_mount (~> 0.2.1)
    httpclient (2.3.2)
    i18n (0.6.1)
    json (1.7.6)
    kgio (2.8.0)
    libnotify (0.8.0)
      ffi (>= 1.0.11)
    listen (0.7.3)
    mail (2.5.3)
      i18n (>= 0.4.0)
      mime-types (~> 1.16)
      treetop (~> 1.4.8)
    maruku (0.6.1)
      syntax (>= 1.0.0)
    middleman (3.0.14)
      middleman-core (= 3.0.14)
      middleman-more (= 3.0.14)
      middleman-sprockets (~> 3.1.0)
    middleman-aws-deploy (0.5.0)
      fog (~> 1.8.0)
      middleman-core (~> 3.0.0)
      parallel (~> 0.6.1)
      progressbar (~> 0.12.0)
      ruby-hmac (~> 0.4.0)
    middleman-core (3.0.14)
      activesupport (~> 3.2.6)
      bundler (~> 1.1)
      listen (~> 0.7.3)
      rack (~> 1.4.1)
      rack-test (~> 0.6.1)
      rb-fsevent (~> 0.9.3)
      thor (~> 0.15.4)
      tilt (~> 1.3.6)
    middleman-more (3.0.14)
      coffee-script (~> 2.2.0)
      coffee-script-source (~> 1.3.3)
      compass (>= 0.12.2)
      execjs (~> 1.4.0)
      haml (>= 3.1.6)
      i18n (~> 0.6.0, < 0.6.2)
      maruku (~> 0.6.0)
      middleman-core (= 3.0.14)
      padrino-helpers (= 0.10.7)
      sass (>= 3.1.20)
      uglifier (~> 1.2.6)
    middleman-smusher (3.0.0)
      middleman (>= 3.0.0)
      smusher (~> 0.4.9)
    middleman-sprockets (3.1.4)
      middleman-core (>= 3.0.14)
      middleman-more (>= 3.0.14)
      sprockets (~> 2.1)
      sprockets-helpers (~> 1.0.0)
      sprockets-sass (~> 1.0.0)
    mime (0.1)
    mime-types (1.19)
    multi_json (1.11.0)
    mustache (0.99.4)
    net-scp (1.0.4)
      net-ssh (>= 1.99.1)
    net-ssh (2.6.2)
    nokogiri (1.5.6)
    oauth (0.4.7)
    org-ruby (0.7.2)
      rubypants (>= 0.2.0)
    padrino-core (0.10.7)
      activesupport (~> 3.2.0)
      http_router (~> 0.10.2)
      sinatra (~> 1.3.1)
      thor (~> 0.15.2)
      tilt (~> 1.3.0)
    padrino-helpers (0.10.7)
      i18n (~> 0.6)
      padrino-core (= 0.10.7)
    parallel (0.6.1)
    polyglot (0.3.3)
    progressbar (0.12.0)
    pygmentize (0.0.3)
    rack (1.4.5)
    rack-protection (1.5.3)
      rack
    rack-test (0.6.3)
      rack (>= 1.0)
    raindrops (0.11.0)
    rake (10.0.3)
    rb-fsevent (0.9.4)
    rb-inotify (0.9.5)
      ffi (>= 0.5.0)
    redcarpet (2.1.1)
    rocco (0.8.2)
      mustache
      redcarpet
    ruby-hmac (0.4.0)
    rubypants (0.2.0)
    sass (3.4.13)
    sinatra (1.3.6)
      rack (~> 1.4)
      rack-protection (~> 1.3)
      tilt (~> 1.3, >= 1.3.3)
    slim (1.3.9)
      temple (~> 0.6.3)
      tilt (~> 1.3, >= 1.3.3)
    smusher (0.4.9)
      httpclient (>= 2.2)
      json
      rake
    sprockets (2.12.3)
      hike (~> 1.2)
      multi_json (~> 1.0)
      rack (~> 1.0)
      tilt (~> 1.1, != 1.3.0)
    sprockets-helpers (1.0.1)
      sprockets (~> 2.0)
    sprockets-sass (1.0.3)
      sprockets (~> 2.0)
      tilt (~> 1.1)
    syntax (1.2.0)
    temple (0.6.10)
    thin (1.4.1)
      daemons (>= 1.0.9)
      eventmachine (>= 0.12.6)
      rack (>= 1.0.0)
    thor (0.15.4)
    tilt (1.3.7)
    treetop (1.4.12)
      polyglot
      polyglot (>= 0.3.1)
    uglifier (1.2.7)
      execjs (>= 0.3.0)
      multi_json (~> 1.3)
    unicorn (4.6.2)
      kgio (~> 2.6)
      rack
      raindrops (~> 0.7)
    url_mount (0.2.1)
      rack
    versionomy (0.4.4)
      blockenspiel (>= 0.4.5)
    watchr (0.7)

PLATFORMS
  ruby

DEPENDENCIES
  builder (~> 3.1.4)
  coderay (= 1.1.0)
  faqml!
  github-markdown (~> 0.5.1)
  gmail (= 0.4.0)
  libnotify (~> 0.8.0)
  middleman (~> 3.0.14)
  middleman-aws-deploy (~> 0.5.0)
  middleman-faqml!
  middleman-smusher
  org-ruby (~> 0.7.2)
  pygmentize (= 0.0.3)
  rb-fsevent (~> 0.9.1)
  redcarpet (~> 2.1.1)
  rocco (= 0.8.2)
  sinatra (~> 1.3.3)
  slim (~> 1.3.9)
  thin (~> 1.4.1)
  unicorn (~> 4.6.2)
  versionomy (~> 0.4.4)
  watchr (~> 0.7)
